GEM
  remote: https://rubygems.org/
  specs:
    actioncable (6.1.7)
      actionpack (= 6.1.7)
      activesupport (= 6.1.7)
      nio4r (~> 2.0)
      websocket-driver (>= 0.6.1)
    actionmailbox (6.1.7)
      actionpack (= 6.1.7)
      activejob (= 6.1.7)
      activerecord (= 6.1.7)
      activestorage (= 6.1.7)
      activesupport (= 6.1.7)
      mail (>= 2.7.1)
    actionmailer (6.1.7)
      actionpack (= 6.1.7)
      actionview (= 6.1.7)
      activejob (= 6.1.7)
      activesupport (= 6.1.7)
      mail (~> 2.5, >= 2.5.4)
      rails-dom-testing (~> 2.0)
    actionpack (6.1.7)
      actionview (= 6.1.7)
      activesupport (= 6.1.7)
      rack (~> 2.0, >= 2.0.9)
      rack-test (>= 0.6.3)
      rails-dom-testing (~> 2.0)
      rails-html-sanitizer (~> 1.0, >= 1.2.0)
    actiontext (6.1.7)
      actionpack (= 6.1.7)
      activerecord (= 6.1.7)
      activestorage (= 6.1.7)
      activesupport (= 6.1.7)
      nokogiri (>= 1.8.5)
    actionview (6.1.7)
      activesupport (= 6.1.7)
      builder (~> 3.1)
      erubi (~> 1.4)
      rails-dom-testing (~> 2.0)
      rails-html-sanitizer (~> 1.1, >= 1.2.0)
    activejob (6.1.7)
      activesupport (= 6.1.7)
      globalid (>= 0.3.6)
    activemodel (6.1.7)
      activesupport (= 6.1.7)
    activerecord (6.1.7)
      activemodel (= 6.1.7)
      activesupport (= 6.1.7)
    activestorage (6.1.7)
      actionpack (= 6.1.7)
      activejob (= 6.1.7)
      activerecord (= 6.1.7)
      activesupport (= 6.1.7)
      marcel (~> 1.0)
      mini_mime (>= 1.1.0)
    activesupport (6.1.7)
      concurrent-ruby (~> 1.0, >= 1.0.2)
      i18n (>= 1.6, < 2)
      minitest (>= 5.1)
      tzinfo (~> 2.0)
      zeitwerk (~> 2.3)
    addressable (2.8.1)
      public_suffix (>= 2.0.2, < 6.0)
    airbrussh (1.4.1)
      sshkit (>= 1.6.1, != 1.7.0)
    ast (2.4.2)
    aws-eventstream (1.2.0)
    aws-partitions (1.630.0)
    aws-sdk-core (3.147.0)
      aws-eventstream (~> 1, >= 1.0.2)
      aws-partitions (~> 1, >= 1.525.0)
      aws-sigv4 (~> 1.1)
      jmespath (~> 1, >= 1.6.1)
    aws-sdk-kms (1.58.0)
      aws-sdk-core (~> 3, >= 3.127.0)
      aws-sigv4 (~> 1.1)
    aws-sdk-s3 (1.114.0)
      aws-sdk-core (~> 3, >= 3.127.0)
      aws-sdk-kms (~> 1)
      aws-sigv4 (~> 1.4)
    aws-sigv4 (1.5.1)
      aws-eventstream (~> 1, >= 1.0.2)
    bcrypt (3.1.18)
    better_html (2.0.1)
      actionview (>= 6.0)
      activesupport (>= 6.0)
      ast (~> 2.0)
      erubi (~> 1.4)
      parser (>= 2.4)
      smart_properties
    bindata (2.4.14)
    bindex (0.8.1)
    bootsnap (1.13.0)
      msgpack (~> 1.2)
    builder (3.2.4)
    byebug (11.1.3)
    capistrano (3.17.1)
      airbrussh (>= 1.0.0)
      i18n
      rake (>= 10.0.0)
      sshkit (>= 1.9.0)
    capybara (3.37.1)
      addressable
      matrix
      mini_mime (>= 0.1.3)
      nokogiri (~> 1.8)
      rack (>= 1.6.0)
      rack-test (>= 0.6.3)
      regexp_parser (>= 1.5, < 3.0)
      xpath (~> 3.2)
    cbc-wrapper (2.9.9.5)
    childprocess (4.1.0)
    coderay (1.1.3)
    concurrent-ruby (1.1.10)
    crass (1.0.6)
    cucumber (7.1.0)
      builder (~> 3.2, >= 3.2.4)
      cucumber-core (~> 10.1, >= 10.1.0)
      cucumber-create-meta (~> 6.0, >= 6.0.1)
      cucumber-cucumber-expressions (~> 14.0, >= 14.0.0)
      cucumber-gherkin (~> 22.0, >= 22.0.0)
      cucumber-html-formatter (~> 17.0, >= 17.0.0)
      cucumber-messages (~> 17.1, >= 17.1.1)
      cucumber-wire (~> 6.2, >= 6.2.0)
      diff-lcs (~> 1.4, >= 1.4.4)
      mime-types (~> 3.3, >= 3.3.1)
      multi_test (~> 0.1, >= 0.1.2)
      sys-uname (~> 1.2, >= 1.2.2)
    cucumber-core (10.1.1)
      cucumber-gherkin (~> 22.0, >= 22.0.0)
      cucumber-messages (~> 17.1, >= 17.1.1)
      cucumber-tag-expressions (~> 4.1, >= 4.1.0)
    cucumber-create-meta (6.0.4)
      cucumber-messages (~> 17.1, >= 17.1.1)
      sys-uname (~> 1.2, >= 1.2.2)
    cucumber-cucumber-expressions (14.0.0)
    cucumber-gherkin (22.0.0)
      cucumber-messages (~> 17.1, >= 17.1.1)
    cucumber-html-formatter (17.0.0)
      cucumber-messages (~> 17.1, >= 17.1.0)
    cucumber-messages (17.1.1)
    cucumber-rails (2.5.1)
      capybara (>= 2.18, < 4)
      cucumber (>= 3.2, < 8)
      mime-types (~> 3.3)
      nokogiri (~> 1.10)
      railties (>= 5.0, < 8)
      rexml (~> 3.0)
      webrick (~> 1.7)
    cucumber-tag-expressions (4.1.0)
    cucumber-wire (6.2.1)
      cucumber-core (~> 10.1, >= 10.1.0)
      cucumber-cucumber-expressions (~> 14.0, >= 14.0.0)
    database_cleaner (2.0.1)
      database_cleaner-active_record (~> 2.0.0)
    database_cleaner-active_record (2.0.1)
      activerecord (>= 5.a)
      database_cleaner-core (~> 2.0.0)
    database_cleaner-core (2.0.1)
    delaunator (0.1.1)
    diff-lcs (1.5.0)
    docile (1.4.0)
    dotenv (2.8.1)
    dotenv-rails (2.8.1)
      dotenv (= 2.8.1)
      railties (>= 3.2)
    em-websocket (0.5.3)
      eventmachine (>= 0.12.9)
      http_parser.rb (~> 0)
    erb_lint (0.2.0)
      activesupport
      better_html (>= 2.0.1)
      parser (>= 2.7.1.4)
      rainbow
      rubocop
      smart_properties
    erubi (1.11.0)
    eventmachine (1.2.7)
    faraday (2.5.2)
      faraday-net_http (>= 2.0, < 3.1)
      ruby2_keywords (>= 0.0.4)
    faraday-net_http (3.0.0)
    ffi (1.15.5)
    formatador (1.1.0)
    globalid (1.0.0)
      activesupport (>= 5.0)
    guard (2.18.0)
      formatador (>= 0.2.4)
      listen (>= 2.7, < 4.0)
      lumberjack (>= 1.0.12, < 2.0)
      nenv (~> 0.1)
      notiffany (~> 0.0)
      pry (>= 0.13.0)
      shellany (~> 0.0)
      thor (>= 0.18.1)
    guard-compat (1.2.1)
    guard-livereload (2.5.2)
      em-websocket (~> 0.5)
      guard (~> 2.8)
      guard-compat (~> 1.0)
      multi_json (~> 1.8)
    hashie (5.0.0)
    hodel_3000_compliant_logger (0.1.1)
    hotwire-rails (0.1.3)
      rails (>= 6.0.0)
      stimulus-rails
      turbo-rails
    http_parser.rb (0.8.0)
    i18n (1.12.0)
      concurrent-ruby (~> 1.0)
    inline_svg (1.8.0)
      activesupport (>= 3.0)
      nokogiri (>= 1.6)
    jasmine (3.99.0)
      jasmine-core (= 3.99.0)
      phantomjs
      rack (>= 2.1.4)
      rake
      webrick
    jasmine-core (3.99.0)
    jbuilder (2.11.5)
      actionview (>= 5.0.0)
      activesupport (>= 5.0.0)
    jmespath (1.6.1)
    json (2.6.2)
    jwt (2.5.0)
    kaminari (1.2.2)
      activesupport (>= 4.1.0)
      kaminari-actionview (= 1.2.2)
      kaminari-activerecord (= 1.2.2)
      kaminari-core (= 1.2.2)
    kaminari-actionview (1.2.2)
      actionview
      kaminari-core (= 1.2.2)
    kaminari-activerecord (1.2.2)
      activerecord
      kaminari-core (= 1.2.2)
    kaminari-core (1.2.2)
    kgio (2.11.4)
    listen (3.7.1)
      rb-fsevent (~> 0.10, >= 0.10.3)
      rb-inotify (~> 0.9, >= 0.9.10)
    loofah (2.19.0)
      crass (~> 1.0.2)
      nokogiri (>= 1.5.9)
    lumberjack (1.2.8)
    mail (2.7.1)
      mini_mime (>= 0.1.1)
    marcel (1.0.2)
    matrix (0.4.2)
    method_source (1.0.0)
    mime-types (3.4.1)
      mime-types-data (~> 3.2015)
    mime-types-data (3.2022.0105)
    mini_magick (4.11.0)
    mini_mime (1.1.2)
    mini_portile2 (2.8.1)
    minitest (5.16.3)
    msgpack (1.5.6)
    multi_json (1.15.0)
    multi_test (0.1.2)
    multi_xml (0.6.0)
    nenv (0.3.0)
    net-scp (4.0.0.rc1)
      net-ssh (>= 2.6.5, < 8.0.0)
    net-ssh (7.0.1)
    nio4r (2.5.8)
    nokogiri (1.13.8)
      mini_portile2 (~> 2.8.0)
      racc (~> 1.4)
    notiffany (0.1.3)
      nenv (~> 0.1)
      shellany (~> 0.0)
    oauth2 (1.4.10)
      faraday (>= 0.17.3, < 3.0)
      jwt (>= 1.0, < 3.0)
      multi_json (~> 1.3)
      multi_xml (~> 0.5)
      rack (>= 1.2, < 3)
    oink (0.10.1)
      activerecord
      hodel_3000_compliant_logger
    omniauth (2.1.0)
      hashie (>= 3.4.6)
      rack (>= 2.2.3)
      rack-protection
    omniauth-github (2.0.0)
      omniauth (~> 2.0)
      omniauth-oauth2 (~> 1.7.1)
    omniauth-google-oauth2 (1.0.1)
      jwt (>= 2.0)
      oauth2 (~> 1.1)
      omniauth (~> 2.0)
      omniauth-oauth2 (~> 1.7.1)
    omniauth-oauth2 (1.7.3)
      oauth2 (>= 1.4, < 3)
      omniauth (>= 1.9, < 3)
    omniauth-rails_csrf_protection (1.0.1)
      actionpack (>= 4.2)
      omniauth (~> 2.0)
    omniauth-twitter2 (0.1.0)
      omniauth
      omniauth-oauth2 (~> 1.0)
    parallel (1.22.1)
    parser (3.1.2.1)
      ast (~> 2.4.1)
    pg (1.4.3)
    phantomjs (2.1.1.0)
    pry (0.14.1)
      coderay (~> 1.1)
      method_source (~> 1.0)
    public_suffix (5.0.0)
    puma (5.6.5)
      nio4r (~> 2.0)
    pycall (1.4.1)
    racc (1.6.0)
    rack (2.2.4)
    rack-livereload (0.3.17)
      rack
    rack-mini-profiler (2.3.4)
      rack (>= 1.2.0)
    rack-protection (2.2.2)
      rack
    rack-proxy (0.7.4)
      rack
    rack-test (2.0.2)
      rack (>= 1.3)
    rails (6.1.7)
      actioncable (= 6.1.7)
      actionmailbox (= 6.1.7)
      actionmailer (= 6.1.7)
      actionpack (= 6.1.7)
      actiontext (= 6.1.7)
      actionview (= 6.1.7)
      activejob (= 6.1.7)
      activemodel (= 6.1.7)
      activerecord (= 6.1.7)
      activestorage (= 6.1.7)
      activesupport (= 6.1.7)
      bundler (>= 1.15.0)
      railties (= 6.1.7)
      sprockets-rails (>= 2.0.0)
    rails-dom-testing (2.0.3)
      activesupport (>= 4.2.0)
      nokogiri (>= 1.6)
    rails-html-sanitizer (1.4.3)
      loofah (~> 2.3)
    railties (6.1.7)
      actionpack (= 6.1.7)
      activesupport (= 6.1.7)
      method_source
      rake (>= 12.2)
      thor (~> 1.0)
    rainbow (3.1.1)
    raindrops (0.20.0)
    rake (13.0.6)
    rb-fsevent (0.11.2)
    rb-inotify (0.10.1)
      ffi (~> 1.0)
    regexp_parser (2.5.0)
    rexml (3.2.5)
    rspec-core (3.11.0)
      rspec-support (~> 3.11.0)
    rspec-expectations (3.11.1)
      diff-lcs (>= 1.2.0, < 2.0)
      rspec-support (~> 3.11.0)
    rspec-mocks (3.11.1)
      diff-lcs (>= 1.2.0, < 2.0)
      rspec-support (~> 3.11.0)
    rspec-rails (5.0.3)
      actionpack (>= 5.2)
      activesupport (>= 5.2)
      railties (>= 5.2)
      rspec-core (~> 3.10)
      rspec-expectations (~> 3.10)
      rspec-mocks (~> 3.10)
      rspec-support (~> 3.10)
    rspec-support (3.11.1)
    rubocop (1.36.0)
      json (~> 2.3)
      parallel (~> 1.10)
      parser (>= 3.1.2.1)
      rainbow (>= 2.2.2, < 4.0)
      regexp_parser (>= 1.8, < 3.0)
      rexml (>= 3.2.5, < 4.0)
      rubocop-ast (>= 1.20.1, < 2.0)
      ruby-progressbar (~> 1.7)
      unicode-display_width (>= 1.4.0, < 3.0)
    rubocop-ast (1.21.0)
      parser (>= 3.1.1.0)
    rubocop-rails (2.16.0)
      activesupport (>= 4.2.0)
      rack (>= 1.1)
      rubocop (>= 1.33.0, < 2.0)
    rubocop-rspec (2.13.1)
      rubocop (~> 1.33)
    ruby-cbc (0.3.19)
      cbc-wrapper (~> 2.9.9.2)
    ruby-progressbar (1.11.0)
    ruby2_keywords (0.0.5)
    rubyzip (2.3.2)
    sass-rails (6.0.0)
      sassc-rails (~> 2.1, >= 2.1.1)
    sassc (2.4.0)
      ffi (~> 1.9)
    sassc-rails (2.1.2)
      railties (>= 4.0.0)
      sassc (>= 2.0)
      sprockets (> 3.0)
      sprockets-rails
      tilt
    selenium-webdriver (4.4.0)
      childprocess (>= 0.5, < 5.0)
      rexml (~> 3.2, >= 3.2.5)
      rubyzip (>= 1.2.2, < 3.0)
      websocket (~> 1.0)
    semantic_range (3.0.0)
    shellany (0.0.1)
    simplecov (0.17.1)
      docile (~> 1.1)
      json (>= 1.8, < 3)
      simplecov-html (~> 0.10.0)
    simplecov-html (0.10.2)
    smart_properties (1.17.0)
    spicy-proton (2.1.15)
      bindata (~> 2.3)
    spring (4.0.0)
    sprockets (4.1.1)
      concurrent-ruby (~> 1.0)
      rack (> 1, < 3)
    sprockets-rails (3.4.2)
      actionpack (>= 5.2)
      activesupport (>= 5.2)
      sprockets (>= 3.0.0)
    squasher (0.6.2)
    sshkit (1.21.3)
      net-scp (>= 1.1.2)
      net-ssh (>= 2.8.0)
    stimulus-rails (1.1.0)
      railties (>= 6.0.0)
    sys-uname (1.2.2)
      ffi (~> 1.1)
    thor (1.2.1)
    tilt (2.0.11)
    turbo-rails (1.1.1)
      actionpack (>= 6.0.0)
      activejob (>= 6.0.0)
      railties (>= 6.0.0)
    tzinfo (2.0.5)
      concurrent-ruby (~> 1.0)
    unicode-display_width (2.3.0)
    unicorn (6.1.0)
      kgio (~> 2.6)
      raindrops (~> 0.7)
    web-console (4.2.0)
      actionview (>= 6.0.0)
      activemodel (>= 6.0.0)
      bindex (>= 0.4.0)
      railties (>= 6.0.0)
    webdrivers (5.0.0)
      nokogiri (~> 1.6)
      rubyzip (>= 1.3.0)
      selenium-webdriver (~> 4.0)
    webpacker (5.4.3)
      activesupport (>= 5.2)
      rack-proxy (>= 0.6.1)
      railties (>= 5.2)
      semantic_range (>= 2.3.0)
    webrick (1.7.0)
    websocket (1.2.9)
    websocket-driver (0.7.5)
      websocket-extensions (>= 0.1.0)
    websocket-extensions (0.1.5)
    will_paginate (3.3.1)
    xpath (3.2.0)
      nokogiri (~> 1.8)
    zeitwerk (2.6.0)

PLATFORMS
  ruby
  x86_64-darwin-20
  x86_64-linux

DEPENDENCIES
  aws-sdk-s3
  bcrypt (~> 3.1.7)
  bootsnap (>= 1.4.4)
  byebug
  capistrano
  capybara (>= 3.26)
  cucumber-rails
  database_cleaner
  delaunator
  dotenv-rails
  erb_lint
  guard-livereload (~> 2.5)
  hotwire-rails
  inline_svg
  jasmine
  jbuilder (~> 2.7)
  kaminari
  listen (~> 3.3)
  mini_magick (~> 4.8)
  oink
  omniauth (~> 2.0)
  omniauth-github (~> 2.0.0)
  omniauth-google-oauth2
  omniauth-rails_csrf_protection
  omniauth-twitter2
  pg (~> 1.1)
  puma (~> 5.0)
  pycall
  rack-livereload
  rack-mini-profiler (~> 2.0)
  rails (~> 6.1.3)
  rspec-rails (~> 5.0.0)
  rubocop
  rubocop-rails
  rubocop-rspec
  ruby-cbc
  rubyzip
  sass-rails (>= 6)
  selenium-webdriver
  simplecov (~> 0.17.0)
  spicy-proton
  spring
  squasher (>= 0.6.0)
  tzinfo-data
  unicorn
  web-console (>= 4.1.0)
  webdrivers
  webpacker
  will_paginate

RUBY VERSION
   ruby 3.3.3

BUNDLED WITH
   2.5.14
